GEM
  remote: https://rubygems.org/
  specs:
    activemodel (4.1.7)
      activesupport (= 4.1.7)
      builder (~> 3.1)
    activeresource (4.0.0)
      activemodel (~> 4.0)
      activesupport (~> 4.0)
      rails-observers (~> 0.1.1)
    activesupport (4.1.7)
      i18n (~> 0.6, >= 0.6.9)
      json (~> 1.7, >= 1.7.7)
      minitest (~> 5.1)
      thread_safe (~> 0.1)
      tzinfo (~> 1.1)
    addressable (2.3.6)
    builder (3.2.2)
    coderay (1.1.0)
    filewatcher (0.3.5)
      trollop (~> 2.0)
    httparty (0.13.3)
      json (~> 1.8)
      multi_xml (>= 0.5.2)
    i18n (0.6.11)
    json (1.8.1)
    launchy (2.4.3)
      addressable (~> 2.3)
    method_source (0.8.2)
    mimemagic (0.2.1)
    minitest (5.4.3)
    multi_xml (0.5.5)
    pry (0.10.1)
      coderay (~> 1.1.0)
      method_source (~> 0.8.1)
      slop (~> 3.4)
    rails-observers (0.1.2)
      activemodel (~> 4.0)
    shopify_api (3.2.5)
      activeresource (>= 3.0.0)
      pry (>= 0.9.12.6)
      thor (~> 0.18.1)
    shopify_theme (0.0.21)
      filewatcher
      httparty (~> 0.13.0)
      json (~> 1.8.0)
      launchy
      mimemagic
      thor (>= 0.14.4)
    slop (3.6.0)
    thor (0.18.1)
    thread_safe (0.3.4)
    trollop (2.0)
    tzinfo (1.2.2)
      thread_safe (~> 0.1)

PLATFORMS
  ruby

DEPENDENCIES
  shopify_api (= 3.2.5)
  shopify_theme
